GEM
  remote: https://rubygems.org/
  specs:
    concurrent-ruby (1.1.10)
    faker (1.4.3)
      i18n (~> 0.5)
    i18n (0.9.5)
      concurrent-ruby (~> 1.0)
    sqlite3 (1.3.10)

PLATFORMS
  ruby

DEPENDENCIES
  faker
  sqlite3
